STORAGE: NONE
RESTRICTION: == net6.0
NUGET
  remote: https://api.nuget.org/v3/index.json
    FSharp.Core (7.0.200)
    fsharp.data (6.2)
      FSharp.Core (>= 5.0.1)
      FSharp.Data.Csv.Core (>= 6.2)
      FSharp.Data.Html.Core (>= 6.2)
      FSharp.Data.Http (>= 6.2)
      FSharp.Data.Json.Core (>= 6.2)
      FSharp.Data.Runtime.Utilities (>= 6.2)
      FSharp.Data.WorldBank.Core (>= 6.2)
      FSharp.Data.Xml.Core (>= 6.2)
    FSharp.Data.Csv.Core (6.2)
      FSharp.Core (>= 5.0.1)
      FSharp.Data.Runtime.Utilities (>= 6.2)
    FSharp.Data.Html.Core (6.2)
      FSharp.Core (>= 5.0.1)
      FSharp.Data.Csv.Core (>= 6.2)
      FSharp.Data.Runtime.Utilities (>= 6.2)
    FSharp.Data.Http (6.2)
      FSharp.Core (>= 5.0.1)
    FSharp.Data.Json.Core (6.2)
      FSharp.Core (>= 5.0.1)
      FSharp.Data.Http (>= 6.2)
      FSharp.Data.Runtime.Utilities (>= 6.2)
    FSharp.Data.Runtime.Utilities (6.2)
      FSharp.Core (>= 5.0.1)
      FSharp.Data.Http (>= 6.2)
    FSharp.Data.WorldBank.Core (6.2)
      FSharp.Core (>= 5.0.1)
      FSharp.Data.Http (>= 6.2)
      FSharp.Data.Json.Core (>= 6.2)
      FSharp.Data.Runtime.Utilities (>= 6.2)
    FSharp.Data.Xml.Core (6.2)
      FSharp.Core (>= 5.0.1)
      FSharp.Data.Http (>= 6.2)
      FSharp.Data.Json.Core (>= 6.2)
      FSharp.Data.Runtime.Utilities (>= 6.2)
    Giraffe (6.0)
      FSharp.Core (>= 6.0.1)
      Giraffe.ViewEngine (>= 1.3)
      Microsoft.IO.RecyclableMemoryStream (>= 2.2)
      Newtonsoft.Json (>= 13.0.1)
      System.Text.Json (>= 6.0.2)
      Utf8Json (>= 1.3.7)
    Giraffe.ViewEngine (1.4)
      FSharp.Core (>= 5.0)
    Microsoft.Extensions.Configuration.Abstractions (7.0)
      Microsoft.Extensions.Primitives (>= 7.0)
    Microsoft.Extensions.Configuration.Binder (7.0.4)
      Microsoft.Extensions.Configuration.Abstractions (>= 7.0)
    Microsoft.Extensions.DependencyInjection (7.0)
      Microsoft.Extensions.DependencyInjection.Abstractions (>= 7.0)
    Microsoft.Extensions.DependencyInjection.Abstractions (7.0)
    Microsoft.Extensions.DependencyModel (7.0)
      System.Text.Encodings.Web (>= 7.0)
      System.Text.Json (>= 7.0)
    Microsoft.Extensions.FileProviders.Abstractions (7.0)
      Microsoft.Extensions.Primitives (>= 7.0)
    Microsoft.Extensions.Hosting.Abstractions (7.0)
      Microsoft.Extensions.Configuration.Abstractions (>= 7.0)
      Microsoft.Extensions.DependencyInjection.Abstractions (>= 7.0)
      Microsoft.Extensions.FileProviders.Abstractions (>= 7.0)
    Microsoft.Extensions.Logging (7.0)
      Microsoft.Extensions.DependencyInjection (>= 7.0)
      Microsoft.Extensions.DependencyInjection.Abstractions (>= 7.0)
      Microsoft.Extensions.Logging.Abstractions (>= 7.0)
      Microsoft.Extensions.Options (>= 7.0)
    Microsoft.Extensions.Logging.Abstractions (7.0)
    Microsoft.Extensions.Options (7.0.1)
      Microsoft.Extensions.DependencyInjection.Abstractions (>= 7.0)
      Microsoft.Extensions.Primitives (>= 7.0)
    Microsoft.Extensions.Primitives (7.0)
      System.Runtime.CompilerServices.Unsafe (>= 6.0)
    Microsoft.IO.RecyclableMemoryStream (2.3.2)
    Newtonsoft.Json (13.0.3)
    Npgsql (7.0.4)
      Microsoft.Extensions.Logging.Abstractions (>= 6.0)
      System.Runtime.CompilerServices.Unsafe (>= 6.0)
    protobuf-net (3.2.16)
      protobuf-net.Core (>= 3.2.16)
    protobuf-net.buildtools (3.2.12)
    protobuf-net.Core (3.2.16)
      System.Collections.Immutable (>= 7.0)
    RabbitMQ.Client (6.5)
      System.Memory (>= 4.5.5)
      System.Threading.Channels (>= 7.0)
    Serilog (2.12)
    Serilog.aspnetcore (7.0)
      Microsoft.Extensions.DependencyInjection (>= 7.0)
      Microsoft.Extensions.Logging (>= 7.0)
      Serilog (>= 2.12)
      Serilog.Extensions.Hosting (>= 7.0)
      Serilog.Formatting.Compact (>= 1.1)
      Serilog.Settings.Configuration (>= 7.0)
      Serilog.Sinks.Console (>= 4.0.1)
      Serilog.Sinks.Debug (>= 2.0)
      Serilog.Sinks.File (>= 5.0)
    Serilog.Extensions.Hosting (7.0)
      Microsoft.Extensions.DependencyInjection.Abstractions (>= 7.0)
      Microsoft.Extensions.Hosting.Abstractions (>= 7.0)
      Microsoft.Extensions.Logging.Abstractions (>= 7.0)
      Serilog (>= 2.12)
      Serilog.Extensions.Logging (>= 7.0)
    Serilog.Extensions.Logging (7.0)
      Microsoft.Extensions.Logging (>= 7.0)
      Serilog (>= 2.12)
    Serilog.Formatting.Compact (1.1)
      Serilog (>= 2.8)
    Serilog.Settings.Configuration (7.0)
      Microsoft.Extensions.Configuration.Binder (>= 7.0)
      Microsoft.Extensions.DependencyModel (>= 7.0)
      Serilog (>= 2.12)
    Serilog.Sinks.Console (4.1)
      Serilog (>= 2.10)
    Serilog.Sinks.Debug (2.0)
      Serilog (>= 2.10)
    Serilog.Sinks.File (5.0)
      Serilog (>= 2.10)
    sqlprovider (1.3.8)
      FSharp.Core (>= 6.0.7)
      Newtonsoft.Json (>= 13.0.1)
    System.Collections.Immutable (7.0)
      System.Runtime.CompilerServices.Unsafe (>= 6.0)
    System.Memory (4.5.5)
    System.Reflection.Emit (4.7)
    System.Reflection.Emit.Lightweight (4.7)
    System.Runtime.CompilerServices.Unsafe (6.0)
    System.Text.Encodings.Web (7.0)
      System.Runtime.CompilerServices.Unsafe (>= 6.0)
    System.Text.Json (7.0.2)
      System.Runtime.CompilerServices.Unsafe (>= 6.0)
      System.Text.Encodings.Web (>= 7.0)
    System.Threading.Channels (7.0)
    System.Threading.Tasks.Extensions (4.5.4)
    System.ValueTuple (4.5)
    Utf8Json (1.3.7)
      System.Reflection.Emit (>= 4.3)
      System.Reflection.Emit.Lightweight (>= 4.3)
      System.Threading.Tasks.Extensions (>= 4.4)
      System.ValueTuple (>= 4.4)
  remote: https://artifactory.alasconnect.com/artifactory/api/nuget/mta_nuget
    MTA.Messaging.Client.ProtoBufNet (1.1.0)
      FSharp.Core (>= 7.0)
      protobuf-net (>= 3.1.33 < 4.0)
    MTA.Messaging.Client.RabbitMQ (1.1.1)
      FSharp.Core (>= 7.0)
      RabbitMQ.Client (>= 6.4)
